GEM
  remote: https://rubygems.org/
  specs:
    bigdecimal (3.1.6)
    byebug (11.1.3)
    nio4r (2.7.0)
    pg (1.5.5)
    puma (6.4.2)
      nio4r (~> 2.0)
    rack (3.0.9)
    sequel (5.77.0)
      bigdecimal

PLATFORMS
  aarch64-linux
  ruby

DEPENDENCIES
  byebug
  pg
  puma
  rack
  sequel

BUNDLED WITH
   2.5.3
